GEM
  remote: http://rubygems.org/
  specs:
    activesupport (3.2.9)
      i18n (~> 0.6)
      multi_json (~> 1.0)
    addressable (2.3.5)
    aead (1.8.0)
      macaddr (~> 1)
    bourbon (3.0.1)
      sass (>= 3.2.0)
      thor
    faraday (0.8.8)
      multipart-post (~> 1.2.0)
    faraday_middleware (0.9.0)
      faraday (>= 0.7.4, < 0.9)
    foreman (0.60.2)
      thor (>= 0.13.6)
    ghee (0.9.10)
      faraday (~> 0.8)
      faraday_middleware (~> 0.9)
      hashie (~> 1.2)
      highline (~> 1.6.15)
      multi_json (~> 1.3)
    hashie (1.2.0)
    highline (1.6.19)
    i18n (0.6.1)
    kgio (2.8.0)
    macaddr (1.6.1)
      systemu (~> 2.5.0)
    multi_json (1.7.8)
    multipart-post (1.2.0)
    newrelic_rpm (3.5.6.55)
    octokit (2.6.3)
      sawyer (~> 0.5.1)
    rack (1.5.2)
    rack-cache (1.2)
      rack (>= 0.4)
    rack-no-www (0.0.2)
    rack-protection (1.2.0)
      rack
    raindrops (0.10.0)
    rdiscount (1.6.8)
    sass (3.2.3)
    sawyer (0.5.1)
      addressable (~> 2.3.5)
      faraday (~> 0.8, < 0.10)
    shotgun (0.9)
      rack (>= 1.0)
    sinatra (1.3.3)
      rack (~> 1.3, >= 1.3.6)
      rack-protection (~> 1.2)
      tilt (~> 1.3, >= 1.3.3)
    sinatra-content-for (0.1)
      sinatra
    sinatra_auth_github (1.0.0)
      sinatra (~> 1.0)
      warden-github (~> 1.0)
    systemu (2.5.2)
    thor (0.16.0)
    tilt (1.3.3)
    unicorn (4.6.0)
      kgio (~> 2.6)
      rack
      raindrops (~> 0.7)
    warden (1.2.3)
      rack (>= 1.0)
    warden-github (1.0.0)
      octokit (> 2.1.0)
      warden (> 1.0)
    watchr (0.7)

PLATFORMS
  ruby

DEPENDENCIES
  activesupport
  aead
  bourbon
  foreman
  ghee
  newrelic_rpm
  rack-cache
  rack-no-www
  rdiscount
  sass
  shotgun
  sinatra
  sinatra-content-for (~> 0.1.0)
  sinatra_auth_github
  unicorn
  watchr
